PATH
  remote: .
  specs:
    faker (1.6.6)
      i18n (>= 0.5, < 2.0)

GEM
  remote: https://rubygems.org/
  specs:
    concurrent-ruby (1.1.10)
    i18n (1.10.0)
      concurrent-ruby (~> 1.0)
    minitest (5.8.3)
    rake (10.1.0)
    test-unit (2.5.5)
    timecop (0.8.1)

PLATFORMS
  ruby

DEPENDENCIES
  faker!
  minitest
  rake
  test-unit
  timecop
